GEM
  remote: http://rubygems.org/
  specs:
    gosu (0.12.1-x86-mingw32)

PLATFORMS
  x86-mingw32

DEPENDENCIES
  gosu

BUNDLED WITH
   1.15.4
